GEM
  remote: https://rubygems.org/
  specs:
    sorbet (0.5.11295)
      sorbet-static (= 0.5.11295)
    sorbet-runtime (0.5.11303)
    sorbet-static (0.5.11295-x86_64-linux)

PLATFORMS
  x86_64-linux

DEPENDENCIES
  sorbet
  sorbet-runtime

BUNDLED WITH
   2.3.26
